{
    "Modality": "MR",
    "MagneticFieldStrength": 9.40234,
    "ImagingFrequency": 400.314,
    "Manufacturer": "Bruker",
    "ManufacturersModelName": "BioSpec_94_30",
    "InstitutionName": "Deutsches_Primatenzentrum_GmbH",
    "DeviceSerialNumber": "10059602",
    "PatientPosition": "HFS",
    "SoftwareVersions": "ParaVision_Acquisition_6.0.1_ParaVision_6.0.1",
    "MRAcquisitionType": "2D",
    "ProtocolName": "T2star_FID_EPI",
    "ScanningSequence": "RM_EP",
    "SequenceVariant": "SP",
    "ScanOptions": "PFP",
    "SequenceName": "Bruker:EPI",
    "ImageType": [
        "ORIGINAL",
        "PRIMARY",
        "OTHER"
    ],
    "SeriesNumber": 170001,
    "AcquisitionTime": "12:18:56.000000",
    "AcquisitionNumber": 1,
    "SliceThickness": 0.5,
    "SpacingBetweenSlices": 0.5,
    "EchoTime": 0.015,
    "RepetitionTime": 1.5,
    "FlipAngle": 90,
    "PercentPhaseFOV": 75,
    "EchoTrainLength": 80,
    "PhaseEncodingSteps": 80,
    "AcquisitionMatrixPE": 80,
    "ReconMatrixPE": 96,
    "PixelBandwidth": 2929.69,
    "PhaseEncodingAxis": "j",
    "ImageOrientationPatientDICOM": [
        1,
        0,
        0,
        0,
        1,
        0
    ],
    "InPlanePhaseEncodingDirectionDICOM": "COL",
    "ConversionSoftware": "dcm2niix",
    "ConversionSoftwareVersion": "v1.0.20181125  GCC5.3.1",
    "TaskName": "rs"
}