{
	"Modality": "MR",
	"MagneticFieldStrength": 9.40236,
	"ImagingFrequency": 400.315,
	"Manufacturer": "Bruker",
	"ManufacturersModelName": "BioSpec_94_30",
	"InstitutionName": "Deutsches_Primatenzentrum_GmbH",
	"DeviceSerialNumber": "10059602",
	"PatientPosition": "HFS",
	"SoftwareVersions": "ParaVision_Acquisition_6.0.1_ParaVision_6.0.1",
	"MRAcquisitionType": "2D",
	"ProtocolName": "T2_TurboRARE",
	"ScanningSequence": "RM",
	"SequenceVariant": "SP",
	"SequenceName": "Bruker:RARE",
	"ImageType": ["ORIGINAL", "PRIMARY", "OTHER"],
	"SeriesNumber": 50001,
	"AcquisitionTime": "12:28:28.000000",
	"AcquisitionNumber": 1,
	"SliceThickness": 0.5,
	"SpacingBetweenSlices": 0.8,
	"EchoTime": 0.033,
	"RepetitionTime": 4.18005,
	"FlipAngle": 90,
	"PartialFourier": 0.03125,
	"PercentPhaseFOV": 100,
	"EchoTrainLength": 8,
	"PhaseEncodingSteps": 256,
	"AcquisitionMatrixPE": 256,
	"ReconMatrixPE": 256,
	"PixelBandwidth": 130.208,
	"PhaseEncodingAxis": "i",
	"ImageOrientationPatientDICOM": [
		1,
		0,
		0,
		0,
		1,
		0	],
	"InPlanePhaseEncodingDirectionDICOM": "ROW",
	"ConversionSoftware": "dcm2niix",
	"ConversionSoftwareVersion": "v1.0.20181125  GCC5.3.1"
}
